GIT
  remote: git://github.com/rutan/ruboty-brain_wrapper.git
  revision: de6aeae52bc09eb14f00c44fa6d5b5d7b410f55e
  specs:
    ruboty-brain_wrapper (0.1.0)
      ruboty

PATH
  remote: ./plugins/ruboty-rtn_garoon
  specs:
    ruboty-rtn_garoon (0.1.0)
      ragoon
      ruboty
      ruboty-brain_wrapper

PATH
  remote: ./plugins/ruboty-rtn_todo
  specs:
    ruboty-rtn_todo (0.1.0)
      ruboty

GEM
  remote: https://rubygems.org/
  specs:
    activesupport (4.2.5)
      i18n (~> 0.7)
      json (~> 1.7, >= 1.7.7)
      minitest (~> 5.1)
      thread_safe (~> 0.3, >= 0.3.4)
      tzinfo (~> 1.1)
    domain_name (0.5.25)
      unf (>= 0.0.5, < 1.0.0)
    dotenv (2.0.2)
    eventmachine (1.0.8)
    faraday (0.9.0)
      multipart-post (>= 1.2, < 3)
    faraday_middleware (0.10.0)
      faraday (>= 0.7.4, < 0.10)
    faye-websocket (0.9.2)
      eventmachine (>= 0.12.0)
      websocket-driver (>= 0.5.1)
    http-cookie (1.0.2)
      domain_name (~> 0.5)
    i18n (0.7.0)
    json (1.8.3)
    mem (0.1.5)
    mime-types (2.99)
    mini_portile (0.6.2)
    minitest (5.8.3)
    multi_json (1.11.2)
    multipart-post (2.0.0)
    netrc (0.11.0)
    nokogiri (1.6.6.4)
      mini_portile (~> 0.6.0)
    ragoon (0.2.2)
      nokogiri (~> 1.6.6)
      rest-client (~> 1.8.0)
    rest-client (1.8.0)
      http-cookie (>= 1.0.2, < 2.0)
      mime-types (>= 1.16, < 3.0)
      netrc (~> 0.7)
    ruboty (1.2.2)
      activesupport
      bundler
      dotenv
      mem
      slop
    ruboty-local_yaml (0.1.0)
      ruboty
    ruboty-slack_rtm (1.5.1)
      ruboty (>= 1.1.4)
      slack-api (~> 1.0.0)
      slack-rtmapi (~> 1.0.0.rc4)
    slack-api (1.0.0)
      faraday (>= 0.7, <= 0.9)
      faraday_middleware (~> 0.8)
      faye-websocket (~> 0.9.2)
      multi_json (~> 1.0, >= 1.0.3)
    slack-rtmapi (1.0.0.rc4)
      websocket-driver
    slop (4.2.1)
    thread_safe (0.3.5)
    tzinfo (1.2.2)
      thread_safe (~> 0.1)
    unf (0.1.4)
      unf_ext
    unf_ext (0.0.7.1)
    websocket-driver (0.6.3)
      websocket-extensions (>= 0.1.0)
    websocket-extensions (0.1.2)

PLATFORMS
  ruby

DEPENDENCIES
  ruboty
  ruboty-brain_wrapper!
  ruboty-local_yaml
  ruboty-rtn_garoon!
  ruboty-rtn_todo!
  ruboty-slack_rtm

BUNDLED WITH
   1.10.6
