GIT
  remote: git://github.com/rutan/ruboty-slack_rtm.git
  revision: 2052da52bfd60189684e572dc0e60bb3911f7a49
  branch: attachment
  specs:
    ruboty-slack_rtm (2.5.1)
      ruboty (>= 1.1.4)
      slack-api (~> 1.2)
      websocket-client-simple (~> 0.3.0)

PATH
  remote: ruboty-leyak_core
  specs:
    ruboty-leyak_core (0.1.0)
      activesupport
      horai
      ragoon
      ruboty

GEM
  remote: https://rubygems.org/
  specs:
    activesupport (5.0.0)
      concurrent-ruby (~> 1.0, >= 1.0.2)
      i18n (~> 0.7)
      minitest (~> 5.1)
      tzinfo (~> 1.1)
    concurrent-ruby (1.0.2)
    domain_name (0.5.20160615)
      unf (>= 0.0.5, < 1.0.0)
    dotenv (2.1.1)
    event_emitter (0.2.5)
    eventmachine (1.2.0.1)
    faraday (0.9.2)
      multipart-post (>= 1.2, < 3)
    faraday_middleware (0.10.0)
      faraday (>= 0.7.4, < 0.10)
    faye-websocket (0.9.2)
      eventmachine (>= 0.12.0)
      websocket-driver (>= 0.5.1)
    foreman (0.82.0)
      thor (~> 0.19.1)
    horai (0.7.1)
      activesupport (>= 3.0.0)
      i18n (>= 0.6.0)
      rparsec-ruby19 (>= 1.0)
    http-cookie (1.0.2)
      domain_name (~> 0.5)
    i18n (0.7.0)
    mem (0.1.5)
    mime-types (2.99.2)
    mini_portile2 (2.1.0)
    minitest (5.9.0)
    multi_json (1.12.1)
    multipart-post (2.0.0)
    netrc (0.11.0)
    nokogiri (1.6.8)
      mini_portile2 (~> 2.1.0)
      pkg-config (~> 1.1.7)
    pkg-config (1.1.7)
    ragoon (0.5.2)
      nokogiri (~> 1.6.6)
      rest-client (~> 1.8.0)
    rest-client (1.8.0)
      http-cookie (>= 1.0.2, < 2.0)
      mime-types (>= 1.16, < 3.0)
      netrc (~> 0.7)
    rparsec-ruby19 (1.0)
    ruboty (1.2.4)
      activesupport
      bundler
      dotenv
      mem
      slop
    ruboty-local_yaml (0.1.0)
      ruboty
    slack-api (1.2.4)
      faraday (>= 0.7, < 0.10)
      faraday_middleware (~> 0.8)
      faye-websocket (~> 0.9.2)
      multi_json (~> 1.0, >= 1.0.3)
    slop (4.3.0)
    thor (0.19.1)
    thread_safe (0.3.5)
    tzinfo (1.2.2)
      thread_safe (~> 0.1)
    unf (0.1.4)
      unf_ext
    unf_ext (0.0.7.2)
    websocket (1.2.3)
    websocket-client-simple (0.3.0)
      event_emitter
      websocket
    websocket-driver (0.6.4)
      websocket-extensions (>= 0.1.0)
    websocket-extensions (0.1.2)

PLATFORMS
  ruby

DEPENDENCIES
  foreman
  ragoon
  ruboty
  ruboty-leyak_core!
  ruboty-local_yaml
  ruboty-slack_rtm!

BUNDLED WITH
   1.11.2
