GIT
  remote: git://github.com/rutan/ragoon.git
  revision: 4cdb08b2f27fa02c9e55bdc7d4901c4f28a2e277
  branch: schedule_add_events
  specs:
    ragoon (0.4.3)
      nokogiri (~> 1.6.6)
      rest-client (~> 1.8.0)

PATH
  remote: ruboty-leyak_core
  specs:
    ruboty-leyak_core (0.1.0)
      activesupport
      horai
      ragoon
      ruboty

GEM
  remote: https://rubygems.org/
  specs:
    activesupport (4.2.5)
      i18n (~> 0.7)
      json (~> 1.7, >= 1.7.7)
      minitest (~> 5.1)
      thread_safe (~> 0.3, >= 0.3.4)
      tzinfo (~> 1.1)
    domain_name (0.5.20160309)
      unf (>= 0.0.5, < 1.0.0)
    dotenv (2.0.2)
    eventmachine (1.0.8)
    faraday (0.9.0)
      multipart-post (>= 1.2, < 3)
    faraday_middleware (0.10.0)
      faraday (>= 0.7.4, < 0.10)
    faye-websocket (0.9.2)
      eventmachine (>= 0.12.0)
      websocket-driver (>= 0.5.1)
    foreman (0.78.0)
      thor (~> 0.19.1)
    horai (0.7.1)
      activesupport (>= 3.0.0)
      i18n (>= 0.6.0)
      rparsec-ruby19 (>= 1.0)
    http-cookie (1.0.2)
      domain_name (~> 0.5)
    i18n (0.7.0)
    json (1.8.3)
    mem (0.1.5)
    mime-types (2.99.1)
    mini_portile2 (2.0.0)
    minitest (5.8.3)
    multi_json (1.11.2)
    multipart-post (2.0.0)
    netrc (0.11.0)
    nokogiri (1.6.7.2)
      mini_portile2 (~> 2.0.0.rc2)
    rest-client (1.8.0)
      http-cookie (>= 1.0.2, < 2.0)
      mime-types (>= 1.16, < 3.0)
      netrc (~> 0.7)
    rparsec-ruby19 (1.0)
    ruboty (1.2.2)
      activesupport
      bundler
      dotenv
      mem
      slop
    ruboty-local_yaml (0.1.0)
      ruboty
    ruboty-slack_rtm (1.6.0)
      ruboty (>= 1.1.4)
      slack-api (~> 1.0.0)
      slack-rtmapi (~> 1.0.0.rc4)
    slack-api (1.0.0)
      faraday (>= 0.7, <= 0.9)
      faraday_middleware (~> 0.8)
      faye-websocket (~> 0.9.2)
      multi_json (~> 1.0, >= 1.0.3)
    slack-rtmapi (1.0.0.rc4)
      websocket-driver
    slop (4.2.1)
    thor (0.19.1)
    thread_safe (0.3.5)
    tzinfo (1.2.2)
      thread_safe (~> 0.1)
    unf (0.1.4)
      unf_ext
    unf_ext (0.0.7.2)
    websocket-driver (0.6.3)
      websocket-extensions (>= 0.1.0)
    websocket-extensions (0.1.2)

PLATFORMS
  ruby

DEPENDENCIES
  foreman
  ragoon!
  ruboty
  ruboty-leyak_core!
  ruboty-local_yaml
  ruboty-slack_rtm

BUNDLED WITH
   1.11.2
